PATH
  remote: .
  specs:
    a-quote-a-day (0.1.0)

GEM
  remote: https://rubygems.org/
  specs:
    coderay (1.1.0)
    diff-lcs (1.2.5)
    method_source (0.8.2)
    mini_portile2 (2.0.0)
    nokogiri (1.8.5.1)
      mini_portile2 (~> 2.0.0.rc2)
    pry (0.10.3)
      coderay (~> 1.1.0)
      method_source (~> 0.8.1)
      slop (~> 3.4)
    rake (10.4.2)
    rspec (3.4.0)
      rspec-core (~> 3.4.0)
      rspec-expectations (~> 3.4.0)
      rspec-mocks (~> 3.4.0)
    rspec-core (3.4.1)
      rspec-support (~> 3.4.0)
    rspec-expectations (3.4.0)
      diff-lcs (>= 1.2.0, < 2.0)
      rspec-support (~> 3.4.0)
    rspec-mocks (3.4.0)
      diff-lcs (>= 1.2.0, < 2.0)
      rspec-support (~> 3.4.0)
    rspec-support (3.4.1)
    slop (3.6.0)

PLATFORMS
  ruby

DEPENDENCIES
  bundler (~> 1.10)
  nokogiri (~> 1.8)
  pry
  rake (~> 10.0)
  rspec
  a-quote-a-day!

BUNDLED WITH
   1.17.3